GEM
  remote: https://rubygems.org/
  specs:
    dotenv (2.8.1)
    rake (13.0.6)
    rexml (3.2.5)
    rubyzip (2.3.2)
    selenium-webdriver (4.9.1)
      rexml (~> 3.2, >= 3.2.5)
      rubyzip (>= 1.2.2, < 3.0)
      websocket (~> 1.0)
    sqlite3 (1.6.3-x64-mingw32)
    sqlite3 (1.6.3-x86_64-linux)
    thor (1.2.2)
    websocket (1.2.9)

PLATFORMS
  x64-mingw32
  x86_64-linux

DEPENDENCIES
  dotenv (~> 2.8)
  rake (~> 13.0)
  selenium-webdriver (~> 4.9)
  sqlite3 (~> 1.6)
  thor (~> 1.2)

BUNDLED WITH
   2.3.26
